PATH
  remote: .
  specs:
    couch_docs (1.2.2)
      directory_watcher (>= 1.3.1)
      json (>= 1.2.0)
      rest-client (~> 1.1.0)

GEM
  remote: http://rubygems.org/
  specs:
    directory_watcher (1.3.2)
    json (1.4.6)
    mime-types (1.16)
    rest-client (1.1.0)
      mime-types (>= 1.16)
    rspec (1.3.1)

PLATFORMS
  ruby

DEPENDENCIES
  couch_docs!
  directory_watcher (>= 1.3.1)
  json (>= 1.2.0)
  rest-client (~> 1.1.0)
  rspec (~> 1.3.0)
