PATH
  remote: .
  specs:
    couch_docs (1.3.2)
      directory_watcher (~> 1.3.0)
      json (~> 1.8.0)
      mime-types (~> 1.16)
      rest-client (~> 1.6.0)

GEM
  remote: http://rubygems.org/
  specs:
    directory_watcher (1.3.2)
    json (1.8.1)
    mime-types (1.25.1)
    rest-client (1.6.7)
      mime-types (>= 1.16)
    rspec (1.3.1)

PLATFORMS
  ruby

DEPENDENCIES
  couch_docs!
  rspec (~> 1.3.0)
